GIT
  remote: git://github.com/killpack/lita-static-meme.git
  revision: d6af3c6ac1399085bc3b3f04e9aa077f8dd300c6
  specs:
    lita-static-meme (1.0.0)
      lita

GEM
  remote: https://rubygems.org/
  specs:
    actionmailer (4.2.1)
      actionpack (= 4.2.1)
      actionview (= 4.2.1)
      activejob (= 4.2.1)
      mail (~> 2.5, >= 2.5.4)
      rails-dom-testing (~> 1.0, >= 1.0.5)
    actionpack (4.2.1)
      actionview (= 4.2.1)
      activesupport (= 4.2.1)
      rack (~> 1.6)
      rack-test (~> 0.6.2)
      rails-dom-testing (~> 1.0, >= 1.0.5)
      rails-html-sanitizer (~> 1.0, >= 1.0.1)
    actionview (4.2.1)
      activesupport (= 4.2.1)
      builder (~> 3.1)
      erubis (~> 2.7.0)
      rails-dom-testing (~> 1.0, >= 1.0.5)
      rails-html-sanitizer (~> 1.0, >= 1.0.1)
    activejob (4.2.1)
      activesupport (= 4.2.1)
      globalid (>= 0.3.0)
    activemodel (4.2.1)
      activesupport (= 4.2.1)
      builder (~> 3.1)
    activerecord (4.2.1)
      activemodel (= 4.2.1)
      activesupport (= 4.2.1)
      arel (~> 6.0)
    activesupport (4.2.1)
      i18n (~> 0.7)
      json (~> 1.7, >= 1.7.7)
      minitest (~> 5.1)
      thread_safe (~> 0.3, >= 0.3.4)
      tzinfo (~> 1.1)
    arel (6.0.0)
    artii (2.1.1)
    builder (3.2.2)
    classifier (1.3.1)
      stemmer (>= 1.0.0)
    cleverbot (0.2.0)
      httparty (>= 0.8.1, < 1.0)
    compass_rose (0.1.3)
    erubis (2.7.0)
    eventmachine (1.0.7)
    faraday (0.9.1)
      multipart-post (>= 1.2, < 3)
    faye-websocket (0.9.2)
      eventmachine (>= 0.12.0)
      websocket-driver (>= 0.5.1)
    forecast_io (2.0.0)
      faraday
      hashie
      multi_json
    geocoder (1.2.8)
    globalid (0.3.3)
      activesupport (>= 4.1.0)
    hashie (3.4.0)
    hike (1.2.3)
    http_router (0.11.1)
      rack (>= 1.0.0)
      url_mount (~> 0.2.1)
    httparty (0.13.3)
      json (~> 1.8)
      multi_xml (>= 0.5.2)
    i18n (0.7.0)
    ice_nine (0.11.1)
    json (1.8.2)
    lita (4.3.1)
      bundler (>= 1.3)
      faraday (>= 0.8.7)
      http_router (>= 0.11.1)
      i18n (>= 0.6.9)
      ice_nine (>= 0.11.0)
      multi_json (>= 1.7.7)
      puma (>= 2.7.1)
      rack (>= 1.5.2)
      rb-readline (>= 0.5.1)
      redis-namespace (>= 1.3.0)
      thor (>= 0.18.1)
    lita-ascii-art (0.0.3)
      artii (>= 2.0.4)
      lita (>= 3.0.0)
    lita-baby_elephant (0.0.5)
      lita (>= 3.3)
      read_it (= 0.0.2)
    lita-catgif (0.0.2)
      lita (>= 2.6)
    lita-chuck_norris (0.0.1)
      lita (>= 3.0)
    lita-coin (0.0.3)
      lita (>= 2.3)
    lita-corporate-bs-generator (1.0.0)
      lita (>= 2.0)
      nokogiri
    lita-cowsay (0.1.1)
      lita (>= 4.0)
      ruby_cowsay
    lita-custom-meme (0.1.0)
      lita (>= 3.1)
    lita-dice (0.0.1)
      lita (>= 2.7)
    lita-dogebomb (1.0.0)
      lita (>= 2.0)
    lita-dolan (0.0.2)
      lita (>= 2.6)
      reddit_listings (~> 1.0.1)
    lita-down-for-everyone (0.0.3)
      lita
    lita-eightball (1.0.4)
      lita (>= 2.0)
    lita-eval (0.0.2)
      lita (~> 4.3)
      sicuro (~> 0.21)
    lita-exclusive-route (0.0.1)
      lita (>= 3.3)
    lita-flip (1.0.1)
      lita
    lita-forecast (0.1.7)
      compass_rose (~> 0.1.0)
      forecast_io (~> 2.0.0)
      geocoder (~> 1.1, >= 1.1.9)
      hashie (~> 3.0)
      lita (>= 3.0.0)
    lita-google (1.0.0)
      lita (>= 4.0)
    lita-google-images (2.0.0)
      lita (>= 4.0)
    lita-hackersays (1.0.1)
      lita (>= 4.2)
    lita-high-five (0.0.1)
      lita (>= 3.0)
    lita-howdoi (0.0.3)
      lita (>= 4.2)
      nokogiri
    lita-karma (3.0.2)
      lita (>= 4.0)
    lita-likeaboss (1.1.0)
      lita (~> 4.0)
    lita-memegen (1.1.1)
      lita (>= 2.0)
    lita-motivate (0.1.1)
      lita (>= 4.2)
    lita-octocat (0.0.2)
      lita (>= 3.0)
    lita-pls (0.0.3)
      lita (>= 2.6)
    lita-poetry (0.0.2)
      lita (>= 4.2)
    lita-poll (1.0.2)
      lita (>= 4.2.1)
    lita-pugbomb (1.0.2)
      lita (>= 2.0)
    lita-responder (0.0.2)
      cleverbot
      lita (>= 3.3)
      lita-exclusive-route
    lita-reverse_table_flip (0.0.1)
      lita (>= 4.0)
    lita-rimshot (0.1.1)
      lita (>= 3.0.0)
    lita-roll (1.0.1)
      lita
    lita-shipit (0.0.1)
      lita (>= 4.0)
    lita-slack (1.2.0)
      eventmachine
      faraday
      faye-websocket (>= 0.8.0)
      lita (>= 4.0.4)
      multi_json
    lita-slack-karma-sync (0.2.1)
      lita (>= 4.2)
      lita-karma (>= 3.0.2)
      lita-slack (>= 1.2.0)
    lita-twss (0.0.2)
      lita (>= 2.6)
      twss (~> 0.0.4)
    lita-urban (0.0.1)
      lita (>= 4.1)
    lita-vader (0.2.0)
      lita (>= 4.2)
    lita-wikipedia (0.0.3)
      lita (>= 3.1)
    lita-wtf (1.0.0)
      lita (>= 4.0)
    lita-xkcd (0.0.5)
      lita (>= 2.2)
    lita-y (0.0.3)
      lita (>= 2.6)
    loofah (2.0.1)
      nokogiri (>= 1.5.9)
    mail (2.6.3)
      mime-types (>= 1.16, < 3)
    mime-types (2.4.3)
    mini_portile (0.6.2)
    minitest (5.5.1)
    multi_json (1.11.0)
    multi_xml (0.5.5)
    multipart-post (2.0.0)
    newrelic_rpm (3.11.1.284)
    nokogiri (1.6.6.2)
      mini_portile (~> 0.6.0)
    puma (2.11.1)
      rack (>= 1.1, < 2.0)
    rack (1.6.0)
    rack-test (0.6.3)
      rack (>= 1.0)
    rails (4.2.1)
      actionmailer (= 4.2.1)
      actionpack (= 4.2.1)
      actionview (= 4.2.1)
      activejob (= 4.2.1)
      activemodel (= 4.2.1)
      activerecord (= 4.2.1)
      activesupport (= 4.2.1)
      bundler (>= 1.3.0, < 2.0)
      railties (= 4.2.1)
      sprockets-rails
    rails-deprecated_sanitizer (1.0.3)
      activesupport (>= 4.2.0.alpha)
    rails-dom-testing (1.0.6)
      activesupport (>= 4.2.0.beta, < 5.0)
      nokogiri (~> 1.6.0)
      rails-deprecated_sanitizer (>= 1.0.1)
    rails-html-sanitizer (1.0.2)
      loofah (~> 2.0)
    railties (4.2.1)
      actionpack (= 4.2.1)
      activesupport (= 4.2.1)
      rake (>= 0.8.7)
      thor (>= 0.18.1, < 2.0)
    rake (10.4.2)
    rb-readline (0.5.2)
    read_it (0.0.2)
      faraday (>= 0.8.7)
    reddit_listings (1.0.1)
      rails (~> 4.0)
    redis (3.2.1)
    redis-namespace (1.5.1)
      redis (~> 3.0, >= 3.0.4)
    ruby_cowsay (0.1.1)
    sicuro (0.21.0)
      standalone (~> 0.5.0)
    sprockets (2.12.3)
      hike (~> 1.2)
      multi_json (~> 1.0)
      rack (~> 1.0)
      tilt (~> 1.1, != 1.3.0)
    sprockets-rails (2.2.4)
      actionpack (>= 3.0)
      activesupport (>= 3.0)
      sprockets (>= 2.8, < 4.0)
    standalone (0.5.0)
    stemmer (1.0.1)
    thor (0.19.1)
    thread_safe (0.3.5)
    tilt (1.4.1)
    twss (0.0.5)
      classifier (= 1.3.1)
    tzinfo (1.2.2)
      thread_safe (~> 0.1)
    url_mount (0.2.1)
      rack
    websocket-driver (0.5.3)
      websocket-extensions (>= 0.1.0)
    websocket-extensions (0.1.2)

PLATFORMS
  ruby

DEPENDENCIES
  lita
  lita-ascii-art
  lita-baby_elephant
  lita-catgif
  lita-chuck_norris
  lita-coin
  lita-corporate-bs-generator
  lita-cowsay
  lita-custom-meme
  lita-dice
  lita-dogebomb
  lita-dolan
  lita-down-for-everyone
  lita-eightball
  lita-eval
  lita-flip
  lita-forecast
  lita-google
  lita-google-images
  lita-hackersays
  lita-high-five
  lita-howdoi
  lita-karma
  lita-likeaboss
  lita-memegen
  lita-motivate
  lita-octocat
  lita-pls
  lita-poetry
  lita-poll
  lita-pugbomb
  lita-responder
  lita-reverse_table_flip
  lita-rimshot
  lita-roll
  lita-shipit
  lita-slack
  lita-slack-karma-sync
  lita-static-meme!
  lita-twss
  lita-urban
  lita-vader
  lita-wikipedia
  lita-wtf
  lita-xkcd
  lita-y
  newrelic_rpm
