GIT
  remote: git://github.com/killpack/lita-static-meme.git
  revision: e0edbf67d0ff5a2a342b0a15fd18787d2257a4c3
  specs:
    lita-static-meme (1.0.0)
      lita

GEM
  remote: https://rubygems.org/
  specs:
    actionmailer (4.2.5)
      actionpack (= 4.2.5)
      actionview (= 4.2.5)
      activejob (= 4.2.5)
      mail (~> 2.5, >= 2.5.4)
      rails-dom-testing (~> 1.0, >= 1.0.5)
    actionpack (4.2.5)
      actionview (= 4.2.5)
      activesupport (= 4.2.5)
      rack (~> 1.6)
      rack-test (~> 0.6.2)
      rails-dom-testing (~> 1.0, >= 1.0.5)
      rails-html-sanitizer (~> 1.0, >= 1.0.2)
    actionview (4.2.5)
      activesupport (= 4.2.5)
      builder (~> 3.1)
      erubis (~> 2.7.0)
      rails-dom-testing (~> 1.0, >= 1.0.5)
      rails-html-sanitizer (~> 1.0, >= 1.0.2)
    activejob (4.2.5)
      activesupport (= 4.2.5)
      globalid (>= 0.3.0)
    activemodel (4.2.5)
      activesupport (= 4.2.5)
      builder (~> 3.1)
    activerecord (4.2.5)
      activemodel (= 4.2.5)
      activesupport (= 4.2.5)
      arel (~> 6.0)
    activesupport (4.2.5)
      i18n (~> 0.7)
      json (~> 1.7, >= 1.7.7)
      minitest (~> 5.1)
      thread_safe (~> 0.3, >= 0.3.4)
      tzinfo (~> 1.1)
    arel (6.0.3)
    artii (2.1.1)
    builder (3.2.2)
    classifier (1.3.1)
      stemmer (>= 1.0.0)
    cleverbot (0.2.0)
      httparty (>= 0.8.1, < 1.0)
    compass_rose (0.1.3)
    concurrent-ruby (1.0.0)
    crass (1.0.2)
    erubis (2.7.0)
    eventmachine (1.0.8)
    faraday (0.9.2)
      multipart-post (>= 1.2, < 3)
    faye-websocket (0.10.2)
      eventmachine (>= 0.12.0)
      websocket-driver (>= 0.5.1)
    forecast_io (2.0.0)
      faraday
      hashie
      multi_json
    geocoder (1.2.13)
    globalid (0.3.6)
      activesupport (>= 4.1.0)
    hashie (3.4.3)
    http_router (0.11.2)
      rack (>= 1.0.0)
      url_mount (~> 0.2.1)
    httparty (0.13.7)
      json (~> 1.8)
      multi_xml (>= 0.5.2)
    i18n (0.7.0)
    ice_nine (0.11.1)
    json (1.8.3)
    lita (4.6.1)
      bundler (>= 1.3)
      faraday (>= 0.8.7)
      http_router (>= 0.11.2)
      i18n (>= 0.6.9)
      ice_nine (>= 0.11.0)
      multi_json (>= 1.7.7)
      puma (>= 2.7.1)
      rack (>= 1.5.2)
      rb-readline (>= 0.5.1)
      redis-namespace (>= 1.3.0)
      thor (>= 0.18.1)
    lita-ascii-art (0.1.0)
      artii (>= 2.0.4)
      lita (>= 4.0.0)
    lita-baby_elephant (0.0.5)
      lita (>= 3.3)
      read_it (= 0.0.2)
    lita-catgif (0.0.2)
      lita (>= 2.6)
    lita-chuck_norris (0.0.1)
      lita (>= 3.0)
    lita-coin (0.0.3)
      lita (>= 2.3)
    lita-conferenz (1.0.2)
      lita (>= 4.0)
    lita-corporate-bs-generator (1.0.0)
      lita (>= 2.0)
      nokogiri
    lita-cowsay (0.2.0)
      lita (>= 4.4)
      ruby_cowsay
    lita-custom-meme (1.0.0)
      lita (>= 4.0)
    lita-dice (0.0.1)
      lita (>= 2.7)
    lita-dogebomb (1.0.0)
      lita (>= 2.0)
    lita-dolan (0.0.2)
      lita (>= 2.6)
      reddit_listings (~> 1.0.1)
    lita-down-for-everyone (0.0.4)
      lita
    lita-eightball (1.0.4)
      lita (>= 2.0)
    lita-eval (0.1.0)
      lita (~> 4.3)
    lita-exclusive-route (0.0.1)
      lita (>= 3.3)
    lita-flip (1.0.1)
      lita
    lita-forecast (0.1.7)
      compass_rose (~> 0.1.0)
      forecast_io (~> 2.0.0)
      geocoder (~> 1.1, >= 1.1.9)
      hashie (~> 3.0)
      lita (>= 3.0.0)
    lita-giphy (1.0.3)
      lita (>= 2.0)
    lita-google (1.1.0)
      lita (>= 4.0)
    lita-google-images (2.0.0)
      lita (>= 4.0)
    lita-hackersays (1.0.1)
      lita (>= 4.2)
    lita-high-five (1.0.0)
      lita (>= 4.3)
    lita-howdoi (0.0.3)
      lita (>= 4.2)
      nokogiri
    lita-likeaboss (1.1.0)
      lita (~> 4.0)
    lita-memegen (1.2.1)
      lita (>= 2.0)
    lita-motivate (0.2.1)
      lita (>= 4.2)
    lita-octocat (0.0.2)
      lita (>= 3.0)
    lita-pls (0.0.3)
      lita (>= 2.6)
    lita-poetry (0.3.1)
      lita (>= 4.0)
    lita-poll (1.0.2)
      lita (>= 4.2.1)
    lita-pugbomb (1.0.2)
      lita (>= 2.0)
    lita-responder (0.0.2)
      cleverbot
      lita (>= 3.3)
      lita-exclusive-route
    lita-reverse_table_flip (0.0.1)
      lita (>= 4.0)
    lita-rimshot (0.1.1)
      lita (>= 3.0.0)
    lita-roll (1.0.1)
      lita
    lita-shipit (0.1.0)
      lita (>= 4.0)
    lita-slack (1.7.2)
      eventmachine
      faraday
      faye-websocket (>= 0.8.0)
      lita (>= 4.6.0)
      multi_json
    lita-twss (0.0.2)
      lita (>= 2.6)
      twss (~> 0.0.4)
    lita-urban (0.0.1)
      lita (>= 4.1)
    lita-vader (0.2.0)
      lita (>= 4.2)
    lita-wikipedia (0.1.0)
      lita (>= 3.1)
      nokogiri (>= 1.6.6)
      sanitize (>= 3.1.2)
    lita-wtf (1.0.1)
      lita (>= 4.0)
    lita-xkcd (0.0.5)
      lita (>= 2.2)
    lita-y (0.0.3)
      lita (>= 2.6)
    loofah (2.0.3)
      nokogiri (>= 1.5.9)
    mail (2.6.3)
      mime-types (>= 1.16, < 3)
    mime-types (2.99)
    mini_portile2 (2.0.0)
    minitest (5.8.3)
    multi_json (1.11.2)
    multi_xml (0.5.5)
    multipart-post (2.0.0)
    newrelic_rpm (3.14.1.311)
    nokogiri (1.6.7.1)
      mini_portile2 (~> 2.0.0.rc2)
    nokogumbo (1.4.6)
      nokogiri
    puma (2.15.3)
    rack (1.6.4)
    rack-test (0.6.3)
      rack (>= 1.0)
    rails (4.2.5)
      actionmailer (= 4.2.5)
      actionpack (= 4.2.5)
      actionview (= 4.2.5)
      activejob (= 4.2.5)
      activemodel (= 4.2.5)
      activerecord (= 4.2.5)
      activesupport (= 4.2.5)
      bundler (>= 1.3.0, < 2.0)
      railties (= 4.2.5)
      sprockets-rails
    rails-deprecated_sanitizer (1.0.3)
      activesupport (>= 4.2.0.alpha)
    rails-dom-testing (1.0.7)
      activesupport (>= 4.2.0.beta, < 5.0)
      nokogiri (~> 1.6.0)
      rails-deprecated_sanitizer (>= 1.0.1)
    rails-html-sanitizer (1.0.2)
      loofah (~> 2.0)
    railties (4.2.5)
      actionpack (= 4.2.5)
      activesupport (= 4.2.5)
      rake (>= 0.8.7)
      thor (>= 0.18.1, < 2.0)
    rake (10.4.2)
    rb-readline (0.5.3)
    read_it (0.0.2)
      faraday (>= 0.8.7)
    reddit_listings (1.0.1)
      rails (~> 4.0)
    redis (3.2.2)
    redis-namespace (1.5.2)
      redis (~> 3.0, >= 3.0.4)
    ruby_cowsay (0.1.1)
    sanitize (4.0.1)
      crass (~> 1.0.2)
      nokogiri (>= 1.4.4)
      nokogumbo (~> 1.4.1)
    sprockets (3.5.2)
      concurrent-ruby (~> 1.0)
      rack (> 1, < 3)
    sprockets-rails (2.3.3)
      actionpack (>= 3.0)
      activesupport (>= 3.0)
      sprockets (>= 2.8, < 4.0)
    stemmer (1.0.1)
    thor (0.19.1)
    thread_safe (0.3.5)
    twss (0.0.5)
      classifier (= 1.3.1)
    tzinfo (1.2.2)
      thread_safe (~> 0.1)
    url_mount (0.2.1)
      rack
    websocket-driver (0.6.3)
      websocket-extensions (>= 0.1.0)
    websocket-extensions (0.1.2)

PLATFORMS
  ruby

DEPENDENCIES
  eventmachine (~> 1.0.7, >= 1.0.7)
  lita
  lita-ascii-art
  lita-baby_elephant
  lita-catgif
  lita-chuck_norris
  lita-coin
  lita-conferenz
  lita-corporate-bs-generator
  lita-cowsay
  lita-custom-meme
  lita-dice
  lita-dogebomb
  lita-dolan
  lita-down-for-everyone
  lita-eightball
  lita-eval
  lita-flip
  lita-forecast
  lita-giphy
  lita-google
  lita-google-images
  lita-hackersays
  lita-high-five
  lita-howdoi
  lita-likeaboss
  lita-memegen
  lita-motivate
  lita-octocat
  lita-pls
  lita-poetry
  lita-poll
  lita-pugbomb
  lita-responder
  lita-reverse_table_flip
  lita-rimshot
  lita-roll
  lita-shipit
  lita-slack
  lita-static-meme!
  lita-twss
  lita-urban
  lita-vader
  lita-wikipedia
  lita-wtf
  lita-xkcd
  lita-y
  newrelic_rpm
